GEM
  remote: https://rubygems.org/
  specs:
    byebug (8.2.4)
    coderay (1.1.1)
    faraday (0.9.2)
      multipart-post (>= 1.2, < 3)
    method_source (0.8.2)
    multi_json (1.11.2)
    multipart-post (2.0.0)
    oj (2.15.0)
    pry (0.10.3)
      coderay (~> 1.1.0)
      method_source (~> 0.8.1)
      slop (~> 3.4)
    pry-byebug (3.3.0)
      byebug (~> 8.0)
      pry (~> 0.10)
    slop (3.6.0)

PLATFORMS
  ruby

DEPENDENCIES
  faraday
  multi_json
  oj
  pry-byebug

BUNDLED WITH
   1.11.2
